PATH
  remote: /Users/mattaliabadi/Desktop/projects/ruby_decorators
  specs:
    ruby_decorators (0.0.3)

GEM
  remote: https://rubygems.org/
  specs:
    ast (1.1.0)
    diff-lcs (1.2.4)
    eventmachine (1.0.3)
    parser (1.4.2)
      ast (~> 1.0)
      slop (~> 3.4)
    rake (10.1.0)
    rspec (2.14.1)
      rspec-core (~> 2.14.0)
      rspec-expectations (~> 2.14.0)
      rspec-mocks (~> 2.14.0)
    rspec-core (2.14.5)
    rspec-expectations (2.14.2)
      diff-lcs (>= 1.1.3, < 2.0)
    rspec-mocks (2.14.3)
    slop (3.4.6)

PLATFORMS
  ruby

DEPENDENCIES
  eventmachine
  parser
  rake
  rspec (~> 2.13)
  ruby_decorators!
